GEM
  remote: https://rubygems.org/
  specs:
    bigdecimal (3.1.8)
    pg (1.5.6)
    sequel (5.81.0)
      bigdecimal
    sequel_pg (1.17.1)
      pg (>= 0.18.0, != 1.2.0)
      sequel (>= 4.38.0)

PLATFORMS
  ruby
  x86_64-linux

DEPENDENCIES
  sequel
  sequel_pg

RUBY VERSION
   ruby 3.3.1p55

BUNDLED WITH
   2.5.11
