GEM
  remote: https://rubygems.org/
  specs:
    bigdecimal (3.1.8)
    pg (1.5.6)
    sequel (5.81.0)
      bigdecimal

PLATFORMS
  ruby
  x86_64-linux

DEPENDENCIES
  pg
  sequel (~> 5.81)

RUBY VERSION
   ruby 3.3.1p55

BUNDLED WITH
   2.5.11
