GEM
  remote: https://rubygems.org/
  specs:
    activemodel (7.0.8.6)
      activesupport (= 7.0.8.6)
    activerecord (7.0.8.6)
      activemodel (= 7.0.8.6)
      activesupport (= 7.0.8.6)
    activerecord-jdbc-adapter (70.2-java)
      activerecord (~> 7.0)
    activerecord-jdbcpostgresql-adapter (70.2-java)
      activerecord-jdbc-adapter (= 70.2)
      jdbc-postgres (>= 9.4, < 43)
    activesupport (7.0.8.6)
      concurrent-ruby (~> 1.0, >= 1.0.2)
      i18n (>= 1.6, < 2)
      minitest (>= 5.1)
      tzinfo (~> 2.0)
    concurrent-ruby (1.3.4)
    i18n (1.14.6)
      concurrent-ruby (~> 1.0)
    jdbc-postgres (42.6.0)
    minitest (5.25.2)
    tzinfo (2.0.6)
      concurrent-ruby (~> 1.0)

PLATFORMS
  universal-java-1.8

DEPENDENCIES
  activerecord (~> 7.0.0)
  activerecord-jdbc-adapter
  activerecord-jdbcpostgresql-adapter

BUNDLED WITH
   2.5.23
